PATH
  remote: .
  specs:
    smartmachine (0.9.0)
      activesupport (~> 6.0)
      bcrypt (~> 3.1, >= 3.1.13)
      bundler (>= 2.1.4, < 3.0.0)
      net-ssh (~> 5.2)
      thor (~> 1.0, >= 1.0.1)

GEM
  remote: https://rubygems.org/
  specs:
    activesupport (6.1.4.4)
      concurrent-ruby (~> 1.0, >= 1.0.2)
      i18n (>= 1.6, < 2)
      minitest (>= 5.1)
      tzinfo (~> 2.0)
      zeitwerk (~> 2.3)
    bcrypt (3.1.16)
    concurrent-ruby (1.1.9)
    i18n (1.8.11)
      concurrent-ruby (~> 1.0)
    minitest (5.15.0)
    net-ssh (5.2.0)
    rake (12.3.3)
    thor (1.1.0)
    tzinfo (2.0.4)
      concurrent-ruby (~> 1.0)
    zeitwerk (2.5.2)

PLATFORMS
  x86_64-darwin-19

DEPENDENCIES
  minitest (~> 5.0)
  rake (~> 12.0)
  smartmachine!

BUNDLED WITH
   2.2.4
